GEM
  remote: https://ruby.taobao.org/
  specs:
    celluloid (0.16.0)
      timers (~> 4.0.0)
    chronic (0.10.2)
    connection_pool (2.2.0)
    daemons (1.2.3)
    dotenv (2.0.2)
    eventmachine (1.0.7)
    fakeweb (1.3.0)
    foreman (0.78.0)
      thor (~> 0.19.1)
    hitimes (1.2.2)
    json (1.8.3)
    minitest (5.7.0)
    rack (1.6.4)
    rack-protection (1.5.3)
      rack
    redis (3.2.1)
    redis-namespace (1.5.2)
      redis (~> 3.0, >= 3.0.4)
    ruby-oci8 (2.1.8)
    sidekiq (3.4.1)
      celluloid (~> 0.16.0)
      connection_pool (>= 2.1.1)
      json
      redis (>= 3.0.6)
      redis-namespace (>= 1.3.1)
    sinatra (1.4.6)
      rack (~> 1.4)
      rack-protection (~> 1.4)
      tilt (>= 1.3, < 3)
    thin (1.6.3)
      daemons (~> 1.0, >= 1.0.9)
      eventmachine (~> 1.0)
      rack (~> 1.0)
    thor (0.19.1)
    tilt (2.0.1)
    timers (4.0.1)
      hitimes
    whenever (0.9.4)
      chronic (>= 0.6.3)

PLATFORMS
  ruby

DEPENDENCIES
  dotenv
  fakeweb
  foreman
  minitest
  ruby-oci8
  sidekiq
  sinatra
  thin
  whenever

BUNDLED WITH
   1.10.4
