GEM
  remote: https://ruby.taobao.org/
  specs:
    celluloid (0.16.0)
      timers (~> 4.0.0)
    connection_pool (2.2.0)
    fakeweb (1.3.0)
    hitimes (1.2.2)
    json (1.8.3)
    minitest (5.7.0)
    redis (3.2.1)
    redis-namespace (1.5.2)
      redis (~> 3.0, >= 3.0.4)
    ruby-oci8 (2.1.8)
    sidekiq (3.4.1)
      celluloid (~> 0.16.0)
      connection_pool (>= 2.1.1)
      json
      redis (>= 3.0.6)
      redis-namespace (>= 1.3.1)
    timers (4.0.1)
      hitimes

PLATFORMS
  ruby

DEPENDENCIES
  fakeweb
  minitest
  ruby-oci8
  sidekiq

BUNDLED WITH
   1.10.4
